GENERATE-LOAD-SCRIPTS: ON
RESTRICTION: == net47
NUGET
  remote: https://www.nuget.org/api/v2
    AsyncIO (0.1.69)
    Baseclass.Contrib.Nuget.Output (2.4.3)
    BouncyCastle (1.8.5)
    FAKE (4.64.17)
    FParsec (1.0.3)
      FSharp.Core (>= 4.0.0.1)
    FsBech32 (0.1.0.7)
      FSharp.Compiler.Tools
      FSharp.Core
    FsCheck (2.14)
      FSharp.Core (>= 4.2.3)
    FSharp.Compatibility.OCaml (0.1.14)
      FSharp.Core (>= 4.3.4)
    FSharp.Compiler.Tools (10.2.3)
    FSharp.Configuration (1.5)
      FSharp.Core (>= 4.0.0.1)
    FSharp.Control.AsyncSeq (2.0.21)
      FSharp.Core (>= 3.1.2)
    FSharp.Control.Reactive (4.2)
      FSharp.Core (>= 4.2.3)
      System.Reactive (>= 4.0)
    FSharp.Core (4.6.2)
    FSharp.Data (3.1.1)
      FSharp.Core (>= 4.0.0.1)
    FSharpx.Async (1.14.1)
      FSharp.Control.AsyncSeq (>= 2.0.21)
      FSharp.Core (>= 4.6.2)
    FSharpx.Collections (2.0)
    FSharpx.Extras (2.2.1)
      FSharpx.Async
      FSharpx.Collections
    FsNetMQ (0.2.8)
      FSharp.Core
      NetMQ (>= 4.0.0.175-pre)
    FsPickler (5.2.2)
      FSharp.Core (>= 3.1.2)
    Hopac (0.3.23)
      FSharp.Core (>= 3.1.2.5)
    Logary (4.2.1)
      FParsec (>= 1.0.2)
      FSharp.Core (>= 4.0.0.1)
      Hopac (>= 0.3.23)
      NodaTime (>= 1.3.2)
    NetMQ (4.0.0.239-pre)
      AsyncIO (>= 0.1.69)
    NodaTime (2.4.6)
    NUnit (3.12)
    System.Collections.Immutable (1.5)
    System.Reactive (4.1.5)
      System.Threading.Tasks.Extensions (>= 4.5.2)
      System.ValueTuple (>= 4.5)
    System.Reactive.Compatibility (4.1.5)
      System.Reactive.Core (>= 4.1.5)
      System.Reactive.Experimental (>= 4.1.5)
      System.Reactive.Interfaces (>= 4.1.5)
      System.Reactive.Linq (>= 4.1.5)
      System.Reactive.PlatformServices (>= 4.1.5)
      System.Reactive.Providers (>= 4.1.5)
      System.Reactive.Runtime.Remoting (>= 4.1.5)
      System.Reactive.Windows.Forms (>= 4.1.5)
      System.Reactive.Windows.Threading (>= 4.1.5)
    System.Reactive.Core (4.1.5)
      System.Reactive (>= 4.1.5)
      System.Threading.Tasks.Extensions (>= 4.5.2)
    System.Reactive.Experimental (4.1.5)
      System.Reactive (>= 4.1.5)
      System.Threading.Tasks.Extensions (>= 4.5.2)
    System.Reactive.Interfaces (4.1.5)
      System.Reactive (>= 4.1.5)
      System.Threading.Tasks.Extensions (>= 4.5.2)
    System.Reactive.Linq (4.1.5)
      System.Reactive (>= 4.1.5)
      System.Threading.Tasks.Extensions (>= 4.5.2)
    System.Reactive.PlatformServices (4.1.5)
      System.Reactive (>= 4.1.5)
      System.Threading.Tasks.Extensions (>= 4.5.2)
    System.Reactive.Providers (4.1.5)
      System.Reactive (>= 4.1.5)
      System.Threading.Tasks.Extensions (>= 4.5.2)
    System.Reactive.Runtime.Remoting (4.1.5)
      System.Reactive (>= 4.1.5)
      System.Threading.Tasks.Extensions (>= 4.5.2)
    System.Reactive.Windows.Forms (4.1.5)
      System.Reactive (>= 4.1.5)
      System.Threading.Tasks.Extensions (>= 4.5.2)
    System.Reactive.Windows.Threading (4.1.5)
      System.Reactive (>= 4.1.5)
      System.Threading.Tasks.Extensions (>= 4.5.2)
    System.Reflection.Metadata (1.6)
      System.Collections.Immutable (>= 1.5)
    System.Runtime.CompilerServices.Unsafe (4.5.2)
    System.Threading.Tasks.Extensions (4.5.3)
      System.Runtime.CompilerServices.Unsafe (>= 4.5.2)
    System.ValueTuple (4.5)
    Zen.FSharp.Compiler.Service (17.0.2)
      System.Collections.Immutable (>= 1.3.1)
      System.Reflection.Metadata (>= 1.4.2)
    zen_secp256k1_linux (0.1.0.18)
      Baseclass.Contrib.Nuget.Output (>= 2.4)
  remote: https://www.myget.org/F/zenprotocol/api/v3/index.json
    Consensus (0.9.32-beta06-next)
      BouncyCastle
      FsBech32 (0.1.0.7)
      FSharp.Compatibility.OCaml
      FSharp.Compiler.Tools
      FSharp.Core
      FSharpx.Extras
      FsNetMQ (>= 0.2.8)
      FsPickler
      Infrastructure (>= 0.9.32-beta06-next)
      Logary
      Zulib (>= 0.0.1)
    ContractsTestingLib (0.1.0)
      Consensus (0.9.32-beta06-next)
      FsBech32
      FSharpx.Extras
      Infrastructure (0.9.32-beta06-next)
      Zulib (0.3.38-alpha008)
    Infrastructure (0.9.32-beta06-next)
      BouncyCastle
      FSharp.Compiler.Tools
      FSharp.Control.Reactive
      FSharp.Core
      FSharp.Data
      FSharpx.Extras
      FsNetMQ (>= 0.2.8)
      FsPickler
      Hopac (0.3.23)
      Logary
      System.Reactive.Compatibility
      Zen.FSharp.Compiler.Service (17.0.2)
      ZFS-Tools (0.0.25-alpha005)
      ZFStar (0.0.27-alpha004)
    zen_secp256k1_osx (0.1.0.26-v6ad5cdb42a1a)
    zen_z3_linux (4.5.1.8-v1f29cebd4df)
    zen_z3_osx (4.5.1.8-v1f29cebd4df6)
    zen_z3_windows (4.5.1.7-v1f29cebd4df)
    ZFS-Tools (0.0.25-alpha005)
    ZFStar (0.0.27-alpha004)
    Zulib (0.3.38-alpha008)
      BouncyCastle
      FAKE (>= 4.0 < 5.0)
      FsBech32 (>= 0.1.0.7)
      FsCheck
      FSharp.Compatibility.OCaml
      FSharpx.Collections
      NUnit
      Zen.FSharp.Compiler.Service (17.0.2)
      zen_z3_linux (4.5.1.8-v1f29cebd4df)
      zen_z3_osx (4.5.1.8-v1f29cebd4df6)
      zen_z3_windows (4.5.1.7-v1f29cebd4df)
      ZFStar (0.0.27-alpha004)
